GEM
  remote: https://rubygems.org/
  specs:
    celluloid (0.16.0)
      timers (~> 4.0.0)
    ffi (1.9.6)
    ffi (1.9.6-x64-mingw32)
    hitimes (1.2.2)
    htmlbeautifier (1.0.0)
    kramdown (1.5.0)
    liquid (3.0.1)
    listen (2.8.5)
      celluloid (>= 0.15.2)
      rb-fsevent (>= 0.9.3)
      rb-inotify (>= 0.9)
    mini_magick (4.2.7)
    rake (10.4.2)
    rb-fsevent (0.9.4)
    rb-inotify (0.9.5)
      ffi (>= 0.5.0)
    timers (4.0.1)
      hitimes

PLATFORMS
  ruby
  x64-mingw32

DEPENDENCIES
  htmlbeautifier (~> 1.0)
  kramdown (~> 1.5)
  liquid (~> 3.0)
  listen (~> 2.7)
  mini_magick (~> 4.2)
  rake
